GIT
  remote: git@github.com:jedld/epaperify.git
  revision: f8f3a9f140c19d282c5c40a5f3546523b2a1476a
  specs:
    epaperify (0.1.0)

GEM
  remote: https://rubygems.org/
  specs:
    addressable (2.8.0)
      public_suffix (>= 2.0.2, < 5.0)
    archive-zip (0.12.0)
      io-like (~> 0.3.0)
    epoll (0.3.0)
    epub-cfi (0.1.2)
    epub-parser (0.4.5)
      addressable (>= 2.3.5)
      archive-zip
      epub-cfi
      rchardet (>= 1.6.1)
    io-like (0.3.1)
    public_suffix (4.0.6)
    rchardet (1.8.0)
    rpi_gpio (0.5.0)
      epoll (~> 0.3)

PLATFORMS
  arm-linux

DEPENDENCIES
  epaperify!
  epub-parser
  rpi_gpio

BUNDLED WITH
   2.2.29
